GEM
  remote: http://rubygems.org/
  specs:
    domain_name (0.5.2)
      unf (~> 0.0.3)
    json (1.6.5)
    mechanize (2.3)
      domain_name (~> 0.5, >= 0.5.1)
      mime-types (~> 1.17, >= 1.17.2)
      net-http-digest_auth (~> 1.1, >= 1.1.1)
      net-http-persistent (~> 2.5, >= 2.5.2)
      nokogiri (~> 1.4)
      ntlm-http (~> 0.1, >= 0.1.1)
      webrobots (~> 0.0, >= 0.0.9)
    mime-types (1.17.2)
    net-http-digest_auth (1.2)
    net-http-persistent (2.5.2)
    nokogiri (1.5.0)
    ntlm-http (0.1.1)
    oauth (0.4.5)
    rubytter (1.4.2)
      json (>= 1.1.3)
      oauth (>= 0.3.6)
    unf (0.0.4)
      unf_ext
    unf_ext (0.0.4)
    webrobots (0.0.13)

PLATFORMS
  ruby

DEPENDENCIES
  mechanize
  rubytter
