GEM
  remote: http://rubygems.org/
  specs:
    domain_name (0.5.7)
      unf (~> 0.0.3)
    dotenv (0.5.0)
    faraday (0.8.6)
      multipart-post (~> 1.1)
    mechanize (2.5.1)
      domain_name (~> 0.5, >= 0.5.1)
      mime-types (~> 1.17, >= 1.17.2)
      net-http-digest_auth (~> 1.1, >= 1.1.1)
      net-http-persistent (~> 2.5, >= 2.5.2)
      nokogiri (~> 1.4)
      ntlm-http (~> 0.1, >= 0.1.1)
      webrobots (~> 0.0, >= 0.0.9)
    mime-types (1.21)
    multi_json (1.6.1)
    multipart-post (1.2.0)
    net-http-digest_auth (1.2.1)
    net-http-persistent (2.8)
    nokogiri (1.5.6)
    ntlm-http (0.1.1)
    simple_oauth (0.2.0)
    twitter (4.6.0)
      faraday (~> 0.8, < 0.10)
      multi_json (~> 1.0)
      simple_oauth (~> 0.2)
    unf (0.0.5)
      unf_ext
    unf_ext (0.0.6)
    webrobots (0.1.0)

PLATFORMS
  ruby

DEPENDENCIES
  dotenv
  mechanize
  twitter
